GEM
  remote: http://rubygems.org/
  specs:
    ZenTest (4.5.0)
    aaronh-chronic (0.3.9)
    abstract (1.0.0)
    actionmailer (3.0.8)
      actionpack (= 3.0.8)
      mail (~> 2.2.19)
    actionpack (3.0.8)
      activemodel (= 3.0.8)
      activesupport (= 3.0.8)
      builder (~> 2.1.2)
      erubis (~> 2.6.6)
      i18n (~> 0.5.0)
      rack (~> 1.2.1)
      rack-mount (~> 0.6.14)
      rack-test (~> 0.5.7)
      tzinfo (~> 0.3.23)
    activemodel (3.0.8)
      activesupport (= 3.0.8)
      builder (~> 2.1.2)
      i18n (~> 0.5.0)
    activerecord (3.0.8)
      activemodel (= 3.0.8)
      activesupport (= 3.0.8)
      arel (~> 2.0.10)
      tzinfo (~> 0.3.23)
    activeresource (3.0.8)
      activemodel (= 3.0.8)
      activesupport (= 3.0.8)
    activesupport (3.0.8)
    addressable (2.2.4)
    arel (2.0.10)
    autotest (4.4.6)
      ZenTest (>= 4.4.1)
    autotest-rails (4.1.0)
      ZenTest
    awesome_print (0.4.0)
    bcrypt-ruby (2.1.4)
    bson (1.3.1)
    bson_ext (1.3.1)
    builder (2.1.2)
    cancan (1.6.5)
    capistrano (2.6.0)
      highline
      net-scp (>= 1.0.0)
      net-sftp (>= 2.0.0)
      net-ssh (>= 2.0.14)
      net-ssh-gateway (>= 1.1.0)
    capistrano-ext (1.2.1)
      capistrano (>= 1.0.0)
    capybara (1.0.0)
      mime-types (>= 1.16)
      nokogiri (>= 1.3.3)
      rack (>= 1.0.0)
      rack-test (>= 0.5.4)
      selenium-webdriver (~> 0.2.0)
      xpath (~> 0.1.4)
    childprocess (0.1.9)
      ffi (~> 1.0.6)
    chunky_png (1.2.0)
    client_side_validations (3.1.0)
    compass (0.11.3)
      chunky_png (~> 1.2)
      fssm (>= 0.2.7)
      sass (~> 3.1)
    cucumber (1.0.0)
      builder (>= 2.1.2)
      diff-lcs (>= 1.1.2)
      gherkin (~> 2.4.1)
      json (>= 1.4.6)
      term-ansicolor (>= 1.0.5)
    cucumber-rails (1.0.2)
      capybara (>= 1.0.0)
      cucumber (~> 1.0.0)
      nokogiri (>= 1.4.6)
    daemons (1.1.4)
    database_cleaner (0.6.7)
    devise (1.4.0)
      bcrypt-ruby (~> 2.1.2)
      orm_adapter (~> 0.0.3)
      warden (~> 1.0.3)
    diff-lcs (1.1.2)
    erubis (2.6.6)
      abstract (>= 1.0.0)
    escape_utils (0.2.3)
    eventmachine (0.12.10)
    exception_notification (2.4.1)
    factory_girl (1.3.3)
    factory_girl_rails (1.0.1)
      factory_girl (~> 1.3)
      railties (>= 3.0.0)
    faraday (0.6.1)
      addressable (~> 2.2.4)
      multipart-post (~> 1.1.0)
      rack (< 2, >= 1.1.0)
    ffi (1.0.9)
    fssm (0.2.7)
    gherkin (2.4.1)
      json (>= 1.4.6)
    git (1.2.5)
    haml (3.1.2)
    has_scope (0.5.0)
    highline (1.6.2)
    i18n (0.5.0)
    inherited_resources (1.2.2)
      has_scope (~> 0.5.0)
      responders (~> 0.6.0)
    jeweler (1.6.2)
      bundler (~> 1.0)
      git (>= 1.2.5)
      rake
    json (1.5.3)
    json_pure (1.5.3)
    kaminari (0.12.4)
      rails (>= 3.0.0)
    mail (2.2.19)
      activesupport (>= 2.3.6)
      i18n (>= 0.4.0)
      mime-types (~> 1.16)
      treetop (~> 1.4.8)
    mime-types (1.16)
    mocha (0.9.12)
    mongo (1.3.1)
      bson (>= 1.3.1)
    mongoid (2.0.2)
      activemodel (~> 3.0)
      mongo (~> 1.3)
      tzinfo (~> 0.3.22)
    mongoid-paperclip (0.0.5)
      paperclip (~> 2.3.6)
    mongoid_acts_as_tree (0.1.8)
      bson
      bson (>= 0.20.1)
      bson_ext
      jeweler
      mongoid
      mongoid (>= 2.0.0)
      shoulda
    mongoid_slug (0.8.1)
      mongoid (~> 2.0)
      stringex (~> 1.2)
    multi_json (1.0.3)
    multi_xml (0.2.2)
    multipart-post (1.1.2)
    mysql2 (0.2.7)
    net-ldap (0.2.2)
    net-scp (1.0.4)
      net-ssh (>= 1.99.1)
    net-sftp (2.0.5)
      net-ssh (>= 2.0.9)
    net-ssh (2.1.4)
    net-ssh-gateway (1.1.0)
      net-ssh (>= 1.99.1)
    nokogiri (1.4.6)
    oa-basic (0.2.6)
      oa-core (= 0.2.6)
      rest-client (~> 1.6.0)
    oa-core (0.2.6)
    oa-enterprise (0.2.6)
      addressable (= 2.2.4)
      net-ldap (~> 0.2.2)
      nokogiri (~> 1.4.2)
      oa-core (= 0.2.6)
      pyu-ruby-sasl (~> 0.0.3.1)
      rubyntlm (~> 0.1.1)
    oa-more (0.2.6)
      multi_json (~> 1.0.0)
      oa-core (= 0.2.6)
      rest-client (~> 1.6.0)
    oa-oauth (0.2.6)
      faraday (~> 0.6.1)
      multi_json (~> 1.0.0)
      multi_xml (~> 0.2.2)
      oa-core (= 0.2.6)
      oauth (~> 0.4.0)
      oauth2 (~> 0.4.1)
    oa-openid (0.2.6)
      oa-core (= 0.2.6)
      rack-openid (~> 1.3.1)
      ruby-openid-apps-discovery (~> 1.2.0)
    oauth (0.4.5)
    oauth2 (0.4.1)
      faraday (~> 0.6.1)
      multi_json (>= 0.0.5)
    omniauth (0.2.6)
      oa-basic (= 0.2.6)
      oa-core (= 0.2.6)
      oa-enterprise (= 0.2.6)
      oa-more (= 0.2.6)
      oa-oauth (= 0.2.6)
      oa-openid (= 0.2.6)
    orm_adapter (0.0.5)
    paperclip (2.3.11)
      activerecord (>= 2.3.0)
      activesupport (>= 2.3.2)
    polyglot (0.3.1)
    pyu-ruby-sasl (0.0.3.3)
    rack (1.2.3)
    rack-mount (0.6.14)
      rack (>= 1.0.0)
    rack-openid (1.3.1)
      rack (>= 1.1.0)
      ruby-openid (>= 2.1.8)
    rack-test (0.5.7)
      rack (>= 1.0)
    rails (3.0.8)
      actionmailer (= 3.0.8)
      actionpack (= 3.0.8)
      activerecord (= 3.0.8)
      activeresource (= 3.0.8)
      activesupport (= 3.0.8)
      bundler (~> 1.0)
      railties (= 3.0.8)
    rails_qaptcha (0.0.2)
      rails (= 3.0.8)
    railties (3.0.8)
      actionpack (= 3.0.8)
      activesupport (= 3.0.8)
      rake (>= 0.8.7)
      thor (~> 0.14.4)
    rake (0.9.2)
    remarkable (4.0.0.alpha4)
      rspec (>= 2.0.0.alpha11)
    remarkable_activemodel (4.0.0.alpha4)
      remarkable (~> 4.0.0.alpha4)
      rspec (>= 2.0.0.alpha11)
    remarkable_activerecord (4.0.0.alpha4)
      remarkable (~> 4.0.0.alpha4)
      remarkable_activemodel (~> 4.0.0.alpha4)
      rspec (>= 2.0.0.alpha11)
    responders (0.6.4)
    rest-client (1.6.3)
      mime-types (>= 1.16)
    rspec (2.6.0)
      rspec-core (~> 2.6.0)
      rspec-expectations (~> 2.6.0)
      rspec-mocks (~> 2.6.0)
    rspec-core (2.6.4)
    rspec-expectations (2.6.0)
      diff-lcs (~> 1.1.2)
    rspec-mocks (2.6.0)
    rspec-rails (2.6.1)
      actionpack (~> 3.0)
      activesupport (~> 3.0)
      railties (~> 3.0)
      rspec (~> 2.6.0)
    ruby-hmac (0.4.0)
    ruby-openid (2.1.8)
    ruby-openid-apps-discovery (1.2.0)
      ruby-openid (>= 2.1.7)
    rubyntlm (0.1.1)
    rubyzip (0.9.4)
    sass (3.1.3)
    selenium-webdriver (0.2.2)
      childprocess (>= 0.1.9)
      ffi (>= 1.0.7)
      json_pure
      rubyzip
    shoulda (2.11.3)
    simple_form (1.4.1)
    state_machine (1.0.1)
    stringex (1.2.1)
    term-ansicolor (1.0.5)
    thin (1.2.11)
      daemons (>= 1.0.9)
      eventmachine (>= 0.12.6)
      rack (>= 1.0.0)
    thor (0.14.6)
    treetop (1.4.9)
      polyglot (>= 0.3.1)
    tzinfo (0.3.28)
    warden (1.0.4)
      rack (>= 1.0)
    watchr (0.7)
    whenever (0.6.8)
      aaronh-chronic (>= 0.3.9)
      activesupport (>= 2.3.4)
    xpath (0.1.4)
      nokogiri (~> 1.3)

PLATFORMS
  ruby

DEPENDENCIES
  ZenTest
  autotest
  autotest-rails
  awesome_print
  bson_ext
  cancan
  capistrano
  capistrano-ext
  capybara
  client_side_validations
  compass
  cucumber
  cucumber-rails
  database_cleaner
  devise
  escape_utils
  exception_notification
  factory_girl_rails
  haml
  inherited_resources
  kaminari
  mocha
  mongoid
  mongoid-paperclip
  mongoid_acts_as_tree
  mongoid_slug
  mysql2 (= 0.2.7)
  oauth
  omniauth
  paperclip
  rails (= 3.0.8)
  rails_qaptcha
  remarkable_activerecord (= 4.0.0.alpha4)
  rspec
  rspec-rails
  ruby-hmac
  simple_form
  state_machine
  thin
  watchr
  whenever
